GEM
  remote: https://rubygems.org/
  specs:
    blankslate (2.1.2.4)
    celluloid (0.15.2)
      timers (~> 1.1.0)
    celluloid-io (0.15.0)
      celluloid (>= 0.15.0)
      nio4r (>= 0.5.0)
    classifier (1.3.4)
      fast-stemmer (>= 1.0.0)
    cmdparse (2.0.6)
    coffee-script (2.2.0)
      coffee-script-source
      execjs
    coffee-script-source (1.7.0)
    colorator (0.1)
    execjs (2.0.2)
    fast-stemmer (1.0.2)
    ffi (1.9.3)
    gsl (1.15.3)
      narray (>= 0.5.9)
    hike (1.2.3)
    jekyll (2.0.2)
      classifier (~> 1.3)
      colorator (~> 0.1)
      jekyll-coffeescript (~> 1.0)
      jekyll-sass-converter (~> 1.0)
      kramdown (~> 1.3)
      liquid (~> 2.5.5)
      listen (~> 2.5)
      mercenary (~> 0.3.1)
      pygments.rb (~> 0.5.0)
      redcarpet (~> 3.1)
      safe_yaml (~> 1.0)
      toml (~> 0.1.0)
    jekyll-assets (0.4.1)
      jekyll
      sprockets (~> 2.9)
    jekyll-coffeescript (1.0.0)
      coffee-script (~> 2.2)
    jekyll-redirect-from (0.4.0)
      jekyll (~> 2.0)
    jekyll-sass-converter (1.0.0)
      sass (~> 3.2)
    jekyll_image_encode (0.0.3)
    juicer (1.1.1)
      cmdparse
      nokogiri (>= 1.5.0)
      rubyzip (= 0.9.9)
    kramdown (1.3.3)
    liquid (2.5.5)
    listen (2.7.4)
      celluloid (>= 0.15.2)
      celluloid-io (>= 0.15.0)
      rb-fsevent (>= 0.9.3)
      rb-inotify (>= 0.9)
    mercenary (0.3.3)
    mini_portile (0.5.3)
    multi_json (1.10.0)
    narray (0.6.0.8)
    nio4r (1.0.0)
    nokogiri (1.6.1)
      mini_portile (~> 0.5.0)
    parslet (1.5.0)
      blankslate (~> 2.0)
    posix-spawn (0.3.8)
    pygments.rb (0.5.4)
      posix-spawn (~> 0.3.6)
      yajl-ruby (~> 1.1.0)
    rack (1.5.2)
    rake (10.3.1)
    rb-fsevent (0.9.4)
    rb-inotify (0.9.4)
      ffi (>= 0.5.0)
    redcarpet (3.1.1)
    rubyzip (0.9.9)
    safe_yaml (1.0.3)
    sass (3.3.7)
    sprockets (2.12.1)
      hike (~> 1.2)
      multi_json (~> 1.0)
      rack (~> 1.0)
      tilt (~> 1.1, != 1.3.0)
    tilt (1.4.1)
    timers (1.1.0)
    toml (0.1.1)
      parslet (~> 1.5.0)
    yajl-ruby (1.1.0)
    yui-compressor (0.12.0)

PLATFORMS
  ruby

DEPENDENCIES
  gsl
  jekyll
  jekyll-assets
  jekyll-redirect-from
  jekyll_image_encode
  juicer
  rake
  yui-compressor
